GEM
  remote: https://rubygems.org/
  specs:
    bcrypt (3.1.18)
    bigdecimal (3.1.3)
    date (3.3.3)
    diff-lcs (1.5.0)
    jwt (2.7.0)
    multi_json (1.15.0)
    mustermann (1.1.2)
      ruby2_keywords (~> 0.0.1)
    nio4r (2.5.8)
    pg (1.4.5)
    puma (6.1.0)
      nio4r (~> 2.0)
    rack (2.2.6.2)
    rack-protection (2.2.0)
      rack
    rack-test (2.0.2)
      rack (>= 1.3)
    racksh (1.0.0)
      rack (>= 1.0)
      rack-test (>= 0.5)
    rake (11.3.0)
    require_all (3.0.0)
    rspec (3.12.0)
      rspec-core (~> 3.12.0)
      rspec-expectations (~> 3.12.0)
      rspec-mocks (~> 3.12.0)
    rspec-core (3.12.1)
      rspec-support (~> 3.12.0)
    rspec-expectations (3.12.2)
      diff-lcs (>= 1.2.0, < 2.0)
      rspec-support (~> 3.12.0)
    rspec-mocks (3.12.3)
      diff-lcs (>= 1.2.0, < 2.0)
      rspec-support (~> 3.12.0)
    rspec-support (3.12.0)
    ruby2_keywords (0.0.5)
    sequel (5.65.0)
    sinatra (2.2.0)
      mustermann (~> 1.0)
      rack (~> 2.2)
      rack-protection (= 2.2.0)
      tilt (~> 2.0)
    sinatra-contrib (2.2.0)
      multi_json
      mustermann (~> 1.0)
      rack-protection (= 2.2.0)
      sinatra (= 2.2.0)
      tilt (~> 2.0)
    sinatra-cors (1.2.0)
    sysrandom (1.0.5)
    tilt (2.0.11)

PLATFORMS
  arm64-darwin-22
  x86_64-linux

DEPENDENCIES
  bcrypt (~> 3.1, >= 3.1.17)
  bigdecimal (~> 3.1, >= 3.1.1)
  date
  jwt (~> 2.3)
  pg
  puma
  racksh (~> 1.0)
  rake (~> 11.2, >= 11.2.2)
  require_all
  rspec (~> 3.4)
  sequel (~> 5.55)
  sinatra (= 2.2.0)
  sinatra-contrib (~> 2.1)
  sinatra-cors (~> 1.2)
  sysrandom

RUBY VERSION
   ruby 3.2.1p31

BUNDLED WITH
   2.4.6
